PATH
  remote: .
  specs:
    stevedore-uploader (1.0.0-java)
      aws-sdk (~> 2)
      elasticsearch (~> 1.0)
      jruby-openssl (~> 0.9)
      mail (~> 2.6)
      manticore
      nokogiri (~> 1.6)
      rika-stevedore (>= 1.6.1)
      ruby-msg (~> 1.5.2)
      rubyzip (~> 1.2)

GEM
  remote: https://rubygems.org/
  specs:
    aws-sdk (2.2.36)
      aws-sdk-resources (= 2.2.36)
    aws-sdk-core (2.2.36)
      jmespath (~> 1.0)
    aws-sdk-resources (2.2.36)
      aws-sdk-core (= 2.2.36)
    elasticsearch (1.0.17)
      elasticsearch-api (= 1.0.17)
      elasticsearch-transport (= 1.0.17)
    elasticsearch-api (1.0.17)
      multi_json
    elasticsearch-transport (1.0.17)
      faraday
      multi_json
    faraday (0.9.2)
      multipart-post (>= 1.2, < 3)
    jar-dependencies (0.3.2)
    jmespath (1.2.4)
      json_pure (>= 1.8.1)
    jruby-openssl (0.9.16-java)
    json_pure (1.8.3)
    mail (2.6.4)
      mime-types (>= 1.16, < 4)
    manticore (0.5.5-java)
      jar-dependencies
    mime-types (3.0)
      mime-types-data (~> 3.2015)
    mime-types-data (3.2016.0221)
    multi_json (1.11.3)
    multipart-post (2.0.0)
    nokogiri (1.6.7.2-java)
    rika-stevedore (1.6.2-java)
    ruby-msg (1.5.2)
      ruby-ole (>= 1.2.8)
      vpim (>= 0.360)
    ruby-ole (1.2.12)
    rubyzip (1.2.0)
    vpim (13.11.11)

PLATFORMS
  java

DEPENDENCIES
  stevedore-uploader!

BUNDLED WITH
   1.11.2
