GEM
  remote: https://rubygems.org/
  specs:
    aws-sdk (2.2.34)
      aws-sdk-resources (= 2.2.34)
    aws-sdk-core (2.2.34)
      jmespath (~> 1.0)
    aws-sdk-resources (2.2.34)
      aws-sdk-core (= 2.2.34)
    elasticsearch (1.0.17)
      elasticsearch-api (= 1.0.17)
      elasticsearch-transport (= 1.0.17)
    elasticsearch-api (1.0.17)
      multi_json
    elasticsearch-transport (1.0.17)
      faraday
      multi_json
    faraday (0.9.2)
      multipart-post (>= 1.2, < 3)
    guess_html_encoding (0.0.11)
    jar-dependencies (0.3.2)
    jmespath (1.2.4)
      json_pure (>= 1.8.1)
    jruby-openssl (0.9.16-java)
    json_pure (1.8.3)
    manticore (0.5.5-java)
      jar-dependencies
    multi_json (1.11.2)
    multipart-post (2.0.0)
    nokogiri (1.6.7.2-java)
    rika-stevedore (1.6.2-java)
    ruby-msg (1.5.2)
      ruby-ole (>= 1.2.8)
      vpim (>= 0.360)
    ruby-ole (1.2.12)
    vpim (13.11.11)
    zip (2.0.2)

PLATFORMS
  java

DEPENDENCIES
  aws-sdk (~> 2)
  bundler
  elasticsearch
  guess_html_encoding
  jruby-openssl
  manticore
  nokogiri
  rika-stevedore (= 1.6.2)
  ruby-msg
  zip

BUNDLED WITH
   1.11.2
