PATH
  remote: .
  specs:
    stevedore-uploader (1.0.4-java)
      aws-sdk (~> 2)
      elasticsearch (~> 1.0)
      jruby-openssl (~> 0.9.17)
      mail (~> 2.6)
      manticore
      nokogiri (~> 1.6)
      pst (~> 0.0.2)
      rika-stevedore (>= 1.6.1)
      rubyzip (~> 1.1)

GEM
  remote: https://rubygems.org/
  specs:
    andand (1.3.3)
    aws-sdk (2.3.9)
      aws-sdk-resources (= 2.3.9)
    aws-sdk-core (2.3.9)
      jmespath (~> 1.0)
    aws-sdk-resources (2.3.9)
      aws-sdk-core (= 2.3.9)
    elasticsearch (1.0.17)
      elasticsearch-api (= 1.0.17)
      elasticsearch-transport (= 1.0.17)
    elasticsearch-api (1.0.17)
      multi_json
    elasticsearch-transport (1.0.17)
      faraday
      multi_json
    faraday (0.9.2)
      multipart-post (>= 1.2, < 3)
    jmespath (1.2.4)
      json_pure (>= 1.8.1)
    jruby-openssl (0.9.17-java)
    json_pure (1.8.3)
    mail (2.6.4)
      mime-types (>= 1.16, < 4)
    manticore (0.6.0-java)
    mime-types (3.1)
      mime-types-data (~> 3.2015)
    mime-types-data (3.2016.0521)
    multi_json (1.12.1)
    multipart-post (2.0.0)
    nokogiri (1.6.7.2-java)
    pst (0.0.2)
      andand
    rika-stevedore (1.6.2-java)
    rubyzip (1.2.0)

PLATFORMS
  java

DEPENDENCIES
  stevedore-uploader!

BUNDLED WITH
   1.11.2
