PATH
  remote: .
  specs:
    stevedore-uploader (1.0.7-java)
      aws-sdk (~> 2)
      elasticsearch (~> 1.0)
      humanhash (~> 0.1.0)
      jruby-openssl (~> 0.9.17)
      mail (~> 2.6)
      manticore (= 0.6.0)
      nokogiri (~> 1.6)
      pst (~> 0.0.2)
      rika-stevedore (~> 1.7)
      rubyzip (~> 1.1)

GEM
  remote: https://rubygems.org/
  specs:
    andand (1.3.3)
    aws-sdk (2.6.47)
      aws-sdk-resources (= 2.6.47)
    aws-sdk-core (2.6.47)
      aws-sigv4 (~> 1.0)
      jmespath (~> 1.0)
<<<<<<< HEAD
    aws-sdk-resources (2.6.47)
      aws-sdk-core (= 2.6.47)
    aws-sigv4 (1.0.0)
=======
    aws-sdk-resources (2.6.18)
      aws-sdk-core (= 2.6.18)
    blankslate (3.1.3)
    dkimverify (0.0.3)
      mail (= 2.6.4)
      parslet (~> 1.6)
>>>>>>> e217d8b... adds dkim verification that works only sometimes
    elasticsearch (1.1.0)
      elasticsearch-api (= 1.1.0)
      elasticsearch-transport (= 1.1.0)
    elasticsearch-api (1.1.0)
      multi_json
    elasticsearch-transport (1.1.0)
      faraday
      multi_json
    faraday (0.11.0)
      multipart-post (>= 1.2, < 3)
    humanhash (0.1.0)
    jmespath (1.3.1)
    jruby-openssl (0.9.19-java)
    mail (2.6.4)
      mime-types (>= 1.16, < 4)
    manticore (0.6.0-java)
    mime-types (3.1)
      mime-types-data (~> 3.2015)
    mime-types-data (3.2016.0521)
    multi_json (1.12.1)
    multipart-post (2.0.0)
<<<<<<< HEAD
    nokogiri (1.7.0.1-java)
    pst (0.0.2)
      andand
    rika-stevedore (1.7.2-java)
=======
    nokogiri (1.6.8.1-java)
    parslet (1.7.1)
      blankslate (>= 2.0, <= 4.0)
    pst (0.0.2)
      andand
    rika-stevedore (1.7.2-java)
    ruby-msg (1.5.2)
      ruby-ole (>= 1.2.8)
      vpim (>= 0.360)
    ruby-ole (1.2.12)
>>>>>>> e217d8b... adds dkim verification that works only sometimes
    rubyzip (1.2.0)

PLATFORMS
  java

DEPENDENCIES
<<<<<<< HEAD
  stevedore-uploader!
=======
  aws-sdk (~> 2)
  bundler
  dkimverify (~> 0.0.3)
  elasticsearch (~> 1.0)
  guess_html_encoding
  humanhash
  jruby-openssl (~> 0.9)
  mail (~> 2.6)
  manticore
  nokogiri (~> 1.6)
  pst (~> 0.0.2)
  rika-stevedore (~> 1.7.2)
  ruby-msg (~> 1.5.2)
  rubyzip
>>>>>>> e217d8b... adds dkim verification that works only sometimes

BUNDLED WITH
   1.13.6
