PATH
  remote: .
  specs:
    stevedore-uploader (1.0.12-java)
      aws-sdk (~> 2)
      dkimverify (~> 0.0.8)
      elasticsearch (~> 1.0)
      humanhash (~> 0.1.0)
      jruby-openssl (~> 0.9.17)
      mail (~> 2.6)
      manticore (= 0.6.0)
      nokogiri (~> 1.6)
      pst (~> 0.0.2)
      rika-stevedore (~> 1.7.4)
      rubyzip (~> 1.1)

GEM
  remote: https://rubygems.org/
  specs:
    andand (1.3.3)
    aws-sdk (2.9.15)
      aws-sdk-resources (= 2.9.15)
    aws-sdk-core (2.9.15)
      aws-sigv4 (~> 1.0)
      jmespath (~> 1.0)
    aws-sdk-resources (2.9.15)
      aws-sdk-core (= 2.9.15)
    aws-sigv4 (1.0.0)
    dkimverify (0.0.8)
      parslet (~> 1.6)
    elasticsearch (1.1.2)
      elasticsearch-api (= 1.1.2)
      elasticsearch-transport (= 1.1.2)
    elasticsearch-api (1.1.2)
      multi_json
    elasticsearch-transport (1.1.2)
      faraday
      multi_json
    faraday (0.12.1)
      multipart-post (>= 1.2, < 3)
    humanhash (0.1.0)
    jmespath (1.3.1)
    jruby-openssl (0.9.20-java)
    mail (2.6.5)
      mime-types (>= 1.16, < 4)
    manticore (0.6.0-java)
    mime-types (3.1)
      mime-types-data (~> 3.2015)
    mime-types-data (3.2016.0521)
    multi_json (1.12.1)
    multipart-post (2.0.0)
    nokogiri (1.7.1-java)
    parslet (1.8.0)
    pst (0.0.2)
      andand
    rika-stevedore (1.7.4-java)
    rubyzip (1.2.1)

PLATFORMS
  java

DEPENDENCIES
  stevedore-uploader!

BUNDLED WITH
   1.14.6
