PATH
  remote: .
  specs:
    stevedore-uploader (1.0.15-java)
      aws-sdk (~> 2)
      dkimverify (~> 0.0.8)
      elasticsearch (~> 1.0)
      humanhash (~> 0.1.0)
      jruby-openssl (~> 0.9.17)
      mail (~> 2.6)
      manticore (= 0.6.0)
      nokogiri (~> 1.8.1)
      pst (~> 0.0.2)
      rika-stevedore (~> 1.7.4)
      rubyzip (~> 1.1)

GEM
  remote: https://rubygems.org/
  specs:
    andand (1.3.3)
    aws-sdk (2.10.104)
      aws-sdk-resources (= 2.10.104)
    aws-sdk-core (2.10.104)
      aws-sigv4 (~> 1.0)
      jmespath (~> 1.0)
    aws-sdk-resources (2.10.104)
      aws-sdk-core (= 2.10.104)
    aws-sigv4 (1.0.2)
    dkimverify (0.0.8)
      parslet (~> 1.6)
    elasticsearch (1.1.3)
      elasticsearch-api (= 1.1.3)
      elasticsearch-transport (= 1.1.3)
    elasticsearch-api (1.1.3)
      multi_json
    elasticsearch-transport (1.1.3)
      faraday
      multi_json
    faraday (0.13.1)
      multipart-post (>= 1.2, < 3)
    humanhash (0.1.0)
    jmespath (1.3.1)
    jruby-openssl (0.9.21-java)
    mail (2.7.0)
      mini_mime (>= 0.1.1)
    manticore (0.6.0-java)
    mini_mime (1.0.0)
    multi_json (1.12.2)
    multipart-post (2.0.0)
    nokogiri (1.8.1-java)
    parslet (1.8.1)
    pst (0.0.2)
      andand
    rika-stevedore (1.7.4-java)
    rubyzip (1.2.1)

PLATFORMS
  java

DEPENDENCIES
  stevedore-uploader!

BUNDLED WITH
   1.15.3
