GEM
  remote: https://rubygems.org/
  specs:
    aws-sdk (2.2.34)
      aws-sdk-resources (= 2.2.34)
    aws-sdk-core (2.2.34)
      jmespath (~> 1.0)
    aws-sdk-resources (2.2.34)
      aws-sdk-core (= 2.2.34)
    elasticsearch (1.0.17)
      elasticsearch-api (= 1.0.17)
      elasticsearch-transport (= 1.0.17)
    elasticsearch-api (1.0.17)
      multi_json
    elasticsearch-transport (1.0.17)
      faraday
      multi_json
    faraday (0.9.2)
      multipart-post (>= 1.2, < 3)
    guess_html_encoding (0.0.11)
    jar-dependencies (0.3.2)
    jmespath (1.2.4)
      json_pure (>= 1.8.1)
    jruby-jars (9.0.5.0)
    jruby-rack (1.1.20)
    json_pure (1.8.3)
    manticore (0.5.5-java)
      jar-dependencies
    multi_json (1.11.2)
    multipart-post (2.0.0)
    nokogiri (1.6.7.2-java)
    rake (11.1.2)
    rika-stevedore (1.6.2-java)
    ruby-msg (1.5.2)
      ruby-ole (>= 1.2.8)
      vpim (>= 0.360)
    ruby-ole (1.2.12)
    rubyzip (1.2.0)
    vpim (13.11.11)
    warbler (2.0.0)
      jruby-jars (>= 9.0.0.0)
      jruby-rack (>= 1.1.1, < 1.3)
      rake (>= 10.1.0)
      rubyzip (~> 1.0, < 1.4)

PLATFORMS
  java

DEPENDENCIES
  aws-sdk (~> 2)
  bundler
  elasticsearch
  guess_html_encoding
  manticore
  nokogiri
  rika-stevedore (= 1.6.2)
  ruby-msg
  warbler

BUNDLED WITH
   1.11.2
